PATH
  remote: .
  specs:
    passw (1.0.1)

GEM
  remote: https://rubygems.org/
  specs:
    minitest (5.11.3)
    rake (13.0.1)

PLATFORMS
  ruby

DEPENDENCIES
  minitest (~> 5.7, >= 5.7.0)
  passw!
  rake (>= 13.0)

BUNDLED WITH
   1.17.2
