PATH
  remote: .
  specs:
    passw (1.0.0)

GEM
  remote: https://rubygems.org/
  specs:
    minitest (5.11.3)
    rake (12.3.3)

PLATFORMS
  ruby

DEPENDENCIES
  minitest (~> 5.7, >= 5.7.0)
  passw!
  rake (>= 12.3.3)

BUNDLED WITH
   1.15.4
